GIT
  remote: https://github.com/rails/sass-rails.git
  revision: afd9826fa3bbb40a7d378369bba04306ff8d9014
  branch: master
  specs:
    sass-rails (5.0.3)
      railties (>= 4.0.0, < 5.0)
      sass (~> 3.1)
      sprockets (>= 2.8, < 4.0)
      sprockets-rails (>= 2.0, < 4.0)
      tilt (~> 1.1)

GEM
  remote: https://rubygems.org/
  specs:
    action_mailer_cache_delivery (0.3.7)
      actionmailer (>= 3.0)
    actionmailer (4.2.1)
      actionpack (= 4.2.1)
      actionview (= 4.2.1)
      activejob (= 4.2.1)
      mail (~> 2.5, >= 2.5.4)
      rails-dom-testing (~> 1.0, >= 1.0.5)
    actionpack (4.2.1)
      actionview (= 4.2.1)
      activesupport (= 4.2.1)
      rack (~> 1.6)
      rack-test (~> 0.6.2)
      rails-dom-testing (~> 1.0, >= 1.0.5)
      rails-html-sanitizer (~> 1.0, >= 1.0.1)
    actionview (4.2.1)
      activesupport (= 4.2.1)
      builder (~> 3.1)
      erubis (~> 2.7.0)
      rails-dom-testing (~> 1.0, >= 1.0.5)
      rails-html-sanitizer (~> 1.0, >= 1.0.1)
    active_link_to (1.0.2)
      actionpack
    activejob (4.2.1)
      activesupport (= 4.2.1)
      globalid (>= 0.3.0)
    activemodel (4.2.1)
      activesupport (= 4.2.1)
      builder (~> 3.1)
    activerecord (4.2.1)
      activemodel (= 4.2.1)
      activesupport (= 4.2.1)
      arel (~> 6.0)
    activesupport (4.2.1)
      i18n (~> 0.7)
      json (~> 1.7, >= 1.7.7)
      minitest (~> 5.1)
      thread_safe (~> 0.3, >= 0.3.4)
      tzinfo (~> 1.1)
    addressable (2.3.8)
    amoeba (3.0.0)
      activerecord (>= 3.2.6)
    arel (6.0.0)
    attr_encrypted (1.3.3)
      encryptor (>= 1.3.0)
    autoparse (0.3.3)
      addressable (>= 2.3.1)
      extlib (>= 0.9.15)
      multi_json (>= 1.0.0)
    autoprefixer-rails (3.1.2.20141016)
      execjs
    awesome_print (1.2.0)
    bcrypt (3.1.10)
    best_in_place (3.0.3)
      actionpack (>= 3.2)
      railties (>= 3.2)
    better_errors (2.0.0)
      coderay (>= 1.0.0)
      erubis (>= 2.6.6)
      rack (>= 0.9.0)
    binding_of_caller (0.7.2)
      debug_inspector (>= 0.0.1)
    bootbox-rails (0.4.0)
    bootstrap-sass (3.2.0.2)
      sass (~> 3.2)
    bootstrap3-datetimepicker-rails (3.1.3)
      momentjs-rails (>= 2.8.1)
    brakeman (2.6.3)
      erubis (~> 2.6)
      fastercsv (~> 1.5)
      haml (>= 3.0, < 5.0)
      highline (~> 1.6.20)
      multi_json (~> 1.2)
      ruby2ruby (~> 2.1.1)
      ruby_parser (~> 3.5.0)
      sass (~> 3.0)
      slim (>= 1.3.6, < 3.0)
      terminal-table (~> 1.4)
    builder (3.2.2)
    callsite (0.0.11)
    cancancan (1.9.2)
    capybara (2.4.4)
      mime-types (>= 1.16)
      nokogiri (>= 1.3.3)
      rack (>= 1.0.0)
      rack-test (>= 0.5.4)
      xpath (~> 2.0)
    capybara-firebug (2.0.0)
      capybara (>= 1.0, < 3.0)
      selenium-webdriver
    carrierwave (0.10.0)
      activemodel (>= 3.2.0)
      activesupport (>= 3.2.0)
      json (>= 1.7)
      mime-types (>= 1.16)
    carrierwave_direct (0.0.15)
      carrierwave
      fog
      uuidtools
    childprocess (0.5.6)
      ffi (~> 1.0, >= 1.0.11)
    cocoon (1.2.6)
    code_analyzer (0.4.5)
      sexp_processor
    coderay (1.1.0)
    coffee-rails (4.0.1)
      coffee-script (>= 2.2.0)
      railties (>= 4.0.0, < 5.0)
    coffee-script (2.4.0)
      coffee-script-source
      execjs
    coffee-script-source (1.9.1)
    colored (1.2)
    colorize (0.7.5)
    cookiejar (0.3.2)
    creek (1.1)
      nokogiri (~> 1.6.0)
      rubyzip (>= 1.0.0)
    cucumber (1.3.19)
      builder (>= 2.1.2)
      diff-lcs (>= 1.1.3)
      gherkin (~> 2.12)
      multi_json (>= 1.7.5, < 2.0)
      multi_test (>= 0.1.2)
    cucumber-rails (1.4.2)
      capybara (>= 1.1.2, < 3)
      cucumber (>= 1.3.8, < 2)
      mime-types (>= 1.16, < 3)
      nokogiri (~> 1.5)
      rails (>= 3, < 5)
    cucumber_factory (1.10.0)
      activesupport
      cucumber
    database_cleaner (1.3.0)
    debug_inspector (0.0.2)
    devise (3.4.1)
      bcrypt (~> 3.0)
      orm_adapter (~> 0.1)
      railties (>= 3.2.6, < 5)
      responders
      thread_safe (~> 0.1)
      warden (~> 1.2.3)
    devise_invitable (1.3.6)
      actionmailer (>= 3.2.6, < 5)
      devise (>= 3.2.0)
    diff-lcs (1.2.5)
    disable_assets_logger (1.0.0)
    docile (1.1.5)
    docx (0.2.07)
      nokogiri (~> 1.5)
      rubyzip (~> 1.1.6)
    docx_replace (1.0.3)
      rubyzip (~> 1.1, >= 1.1.6)
    domain_name (0.5.23)
      unf (>= 0.0.5, < 1.0.0)
    dossier (2.12.2)
      actionmailer (>= 3.2)
      actionpack (>= 3.2)
      activesupport (>= 3.2)
      arel (>= 3.0)
      haml (>= 3.1)
      railties (>= 3.2)
    dropbox-sdk (1.6.4)
      json
    em-http-request (1.1.2)
      addressable (>= 2.3.4)
      cookiejar
      em-socksify (>= 0.3)
      eventmachine (>= 1.0.3)
      http_parser.rb (>= 0.6.0)
    em-socksify (0.3.0)
      eventmachine (>= 1.0.0.beta.4)
    encryptor (1.3.0)
    erubis (2.7.0)
    eventmachine (1.0.8)
    excon (0.45.1)
    execjs (2.5.0)
    extlib (0.9.16)
    factory_girl (4.4.0)
      activesupport (>= 3.0.0)
    factory_girl_rails (4.4.1)
      factory_girl (~> 4.4.0)
      railties (>= 3.0.0)
    faker (1.4.3)
      i18n (~> 0.5)
    faraday (0.9.1)
      multipart-post (>= 1.2, < 3)
    fastercsv (1.5.5)
    ffi (1.9.10)
    figaro (1.0.0)
      thor (~> 0.14)
    fog (1.24.0)
      fog-brightbox
      fog-core (~> 1.23)
      fog-json
      fog-radosgw (>= 0.0.2)
      fog-sakuracloud (>= 0.0.4)
      fog-softlayer
      ipaddress (~> 0.5)
      nokogiri (~> 1.5, >= 1.5.11)
    fog-brightbox (0.7.1)
      fog-core (~> 1.22)
      fog-json
      inflecto (~> 0.0.2)
    fog-core (1.30.0)
      builder
      excon (~> 0.45)
      formatador (~> 0.2)
      mime-types
      net-scp (~> 1.1)
      net-ssh (>= 2.1.3)
    fog-json (1.0.0)
      multi_json (~> 1.0)
    fog-radosgw (0.0.4)
      fog-core (>= 1.21.0)
      fog-json
      fog-xml (>= 0.0.1)
    fog-sakuracloud (1.0.1)
      fog-core
      fog-json
    fog-softlayer (0.4.1)
      fog-core
      fog-json
    fog-xml (0.1.2)
      fog-core
      nokogiri (~> 1.5, >= 1.5.11)
    font-awesome-rails (4.2.0.0)
      railties (>= 3.2, < 5.0)
    font_assets (0.1.11)
      rack
    formatador (0.2.5)
    fullcalendar-rails (2.3.1.0)
      jquery-rails (>= 3.1.1, < 5.0.0)
      momentjs-rails (~> 2.8, >= 2.8.4)
    gherkin (2.12.2)
      multi_json (~> 1.3)
    git-smart (0.1.10)
      colorize
    globalid (0.3.3)
      activesupport (>= 4.1.0)
    google-api-client (0.7.1)
      addressable (>= 2.3.2)
      autoparse (>= 0.3.3)
      extlib (>= 0.9.15)
      faraday (>= 0.9.0)
      jwt (>= 0.1.5)
      launchy (>= 2.1.1)
      multi_json (>= 1.0.0)
      retriable (>= 1.4)
      signet (>= 0.5.0)
      uuidtools (>= 2.1.0)
    haml (4.0.6)
      tilt
    hashie (3.4.1)
    highline (1.6.21)
    hike (1.2.3)
    hopscotch-rails (0.1.2.1)
    htmltoword (0.2.0)
      actionpack
      nokogiri
      rubyzip
    http-cookie (1.0.2)
      domain_name (~> 0.5)
    http_parser.rb (0.6.0)
    hub (1.12.4)
    i18n (0.7.0)
    inflecto (0.0.2)
    ipaddress (0.8.0)
    jbuilder (2.2.12)
      activesupport (>= 3.0.0, < 5)
      multi_json (~> 1.2)
    jquery-datatables-rails (3.3.0)
      actionpack (>= 3.1)
      jquery-rails
      railties (>= 3.1)
      sass-rails
    jquery-datetimepicker-rails (2.3.7.0)
    jquery-rails (3.1.2)
      railties (>= 3.0, < 5.0)
      thor (>= 0.14, < 2.0)
    jquery-ui-rails (5.0.3)
      railties (>= 3.2.16)
    jquery-validation-rails (1.12.0)
      railties (>= 3.2, < 5.0)
      thor (~> 0.14)
    json (1.8.2)
    jwt (1.4.1)
    kgio (2.9.3)
    launchy (2.4.3)
      addressable (~> 2.3)
    loofah (2.0.1)
      nokogiri (>= 1.5.9)
    mail (2.6.3)
      mime-types (>= 1.16, < 3)
    maskedinput-rails (1.3.1.0)
    meta_request (0.3.4)
      callsite (~> 0.0, >= 0.0.11)
      rack-contrib (~> 1.1)
      railties (>= 3.0.0, < 5.0.0)
    mime-types (2.4.3)
    mini_portile (0.6.2)
    minitest (5.4.3)
    momentjs-rails (2.9.0)
      railties (>= 3.1)
    mono_logger (1.1.0)
    multi_json (1.11.2)
    multi_test (0.1.2)
    multi_xml (0.5.5)
    multipart-post (2.0.0)
    net-scp (1.2.1)
      net-ssh (>= 2.6.5)
    net-ssh (2.9.2)
    netrc (0.10.3)
    newrelic_rpm (3.12.1.298)
    nokogiri (1.6.6.2)
      mini_portile (~> 0.6.0)
    nylas (1.0.0)
      em-http-request
      rest-client (~> 1.6)
      yajl-ruby
    oauth2 (1.0.0)
      faraday (>= 0.8, < 0.10)
      jwt (~> 1.0)
      multi_json (~> 1.3)
      multi_xml (~> 0.5)
      rack (~> 1.2)
    omniauth (1.2.2)
      hashie (>= 1.2, < 4)
      rack (~> 1.0)
    omniauth-google-oauth2 (0.2.6)
      omniauth (> 1.0)
      omniauth-oauth2 (~> 1.1)
    omniauth-oauth2 (1.2.0)
      faraday (>= 0.8, < 0.10)
      multi_json (~> 1.3)
      oauth2 (~> 1.0)
      omniauth (~> 1.2)
    orm_adapter (0.5.0)
    pg (0.17.1)
    pg_search (0.7.9)
      activerecord (>= 3.1)
      activesupport (>= 3.1)
      arel
    pundit (0.3.0)
      activesupport (>= 3.0.0)
    quiet_assets (1.0.3)
      railties (>= 3.1, < 5.0)
    rack (1.6.4)
    rack-contrib (1.2.0)
      rack (>= 0.9.1)
    rack-mini-profiler (0.9.6)
      rack (>= 1.1.3)
    rack-protection (1.5.3)
      rack
    rack-test (0.6.3)
      rack (>= 1.0)
    rack-timeout (0.3.2)
    rails (4.2.1)
      actionmailer (= 4.2.1)
      actionpack (= 4.2.1)
      actionview (= 4.2.1)
      activejob (= 4.2.1)
      activemodel (= 4.2.1)
      activerecord (= 4.2.1)
      activesupport (= 4.2.1)
      bundler (>= 1.3.0, < 2.0)
      railties (= 4.2.1)
      sprockets-rails
    rails-deprecated_sanitizer (1.0.3)
      activesupport (>= 4.2.0.alpha)
    rails-dom-testing (1.0.6)
      activesupport (>= 4.2.0.beta, < 5.0)
      nokogiri (~> 1.6.0)
      rails-deprecated_sanitizer (>= 1.0.1)
    rails-html-sanitizer (1.0.2)
      loofah (~> 2.0)
    rails_12factor (0.0.3)
      rails_serve_static_assets
      rails_stdout_logging
    rails_best_practices (1.15.7)
      activesupport
      code_analyzer (>= 0.4.3)
      colored
      erubis
      i18n
      json
      require_all
      ruby-progressbar
    rails_layout (1.0.25)
    rails_serve_static_assets (0.0.4)
    rails_stdout_logging (0.0.3)
    railties (4.2.1)
      actionpack (= 4.2.1)
      activesupport (= 4.2.1)
      rake (>= 0.8.7)
      thor (>= 0.18.1, < 2.0)
    raindrops (0.13.0)
    rake (10.4.2)
    rdoc (4.2.0)
      json (~> 1.4)
    redis (3.2.1)
    redis-namespace (1.5.2)
      redis (~> 3.0, >= 3.0.4)
    require_all (1.3.2)
    responders (2.1.0)
      railties (>= 4.2.0, < 5)
    resque (1.24.1)
      mono_logger (~> 1.0)
      multi_json (~> 1.0)
      redis-namespace (~> 1.2)
      sinatra (>= 0.9.2)
      vegas (~> 0.1.2)
    resque-scheduler (2.2.0)
      redis (>= 3.0.0)
      resque (>= 1.20.0, < 1.25)
      rufus-scheduler (~> 2.0)
    resque-web (0.0.6)
      coffee-rails
      jquery-rails
      resque
      sass-rails
      twitter-bootstrap-rails
    rest-client (1.8.0)
      http-cookie (>= 1.0.2, < 2.0)
      mime-types (>= 1.16, < 3.0)
      netrc (~> 0.7)
    retriable (2.0.2)
    rmagick (2.15.4)
    rspec-activemodel-mocks (1.0.1)
      activemodel (>= 3.0)
      activesupport (>= 3.0)
      rspec-mocks (>= 2.99, < 4.0)
    rspec-core (3.0.4)
      rspec-support (~> 3.0.0)
    rspec-expectations (3.0.4)
      diff-lcs (>= 1.2.0, < 2.0)
      rspec-support (~> 3.0.0)
    rspec-mocks (3.0.4)
      rspec-support (~> 3.0.0)
    rspec-rails (3.0.2)
      actionpack (>= 3.0)
      activesupport (>= 3.0)
      railties (>= 3.0)
      rspec-core (~> 3.0.0)
      rspec-expectations (~> 3.0.0)
      rspec-mocks (~> 3.0.0)
      rspec-support (~> 3.0.0)
    rspec-support (3.0.4)
    ruby-ole (1.2.11.8)
    ruby-progressbar (1.7.5)
    ruby2ruby (2.1.3)
      ruby_parser (~> 3.1)
      sexp_processor (~> 4.0)
    ruby_parser (3.5.0)
      sexp_processor (~> 4.1)
    rubyzip (1.1.7)
    rufus-scheduler (2.0.24)
      tzinfo (>= 0.3.22)
    sass (3.4.13)
    sdoc (0.4.1)
      json (~> 1.7, >= 1.7.7)
      rdoc (~> 4.0)
    select2-rails (3.5.9.1)
      thor (~> 0.14)
    selenium-webdriver (2.45.0)
      childprocess (~> 0.5)
      multi_json (~> 1.0)
      rubyzip (~> 1.0)
      websocket (~> 1.0)
    sexp_processor (4.5.0)
    shoulda-matchers (2.8.0)
      activesupport (>= 3.0.0)
    signet (0.6.0)
      addressable (~> 2.3)
      extlib (~> 0.9)
      faraday (~> 0.9)
      jwt (~> 1.0)
      multi_json (~> 1.10)
    simple_form (3.0.3)
      actionpack (~> 4.0)
      activemodel (~> 4.0)
    simplecov (0.9.2)
      docile (~> 1.1.0)
      multi_json (~> 1.0)
      simplecov-html (~> 0.9.0)
    simplecov-html (0.9.0)
    sinatra (1.4.6)
      rack (~> 1.4)
      rack-protection (~> 1.4)
      tilt (>= 1.3, < 3)
    slick_rails (1.3.15)
      railties (>= 3.1)
    slim (2.1.0)
      temple (~> 0.6.9)
      tilt (>= 1.3.3, < 2.1)
    soulmate (1.1.0)
      multi_json (>= 1.0)
      redis (>= 3.0)
      sinatra (>= 1.0)
      vegas (>= 0.1.0)
    spreadsheet (1.0.7)
      ruby-ole (>= 1.0)
    spring (1.1.3)
    sprockets (2.12.3)
      hike (~> 1.2)
      multi_json (~> 1.0)
      rack (~> 1.0)
      tilt (~> 1.1, != 1.3.0)
    sprockets-rails (3.0.0.beta1)
      actionpack (>= 4.0)
      activesupport (>= 4.0)
      sprockets (~> 2.8)
    temple (0.6.10)
    terminal-table (1.4.5)
    thor (0.19.1)
    thread_safe (0.3.5)
    tilt (1.4.1)
    turbolinks (2.4.0)
      coffee-rails
    twitter-bootstrap-rails (3.2.0)
      actionpack (~> 4.1)
      execjs (~> 2.2)
      rails (~> 4.1)
      railties (~> 4.1)
    tzinfo (1.2.2)
      thread_safe (~> 0.1)
    uglifier (2.5.3)
      execjs (>= 0.3.0)
      json (>= 1.8.0)
    unf (0.1.4)
      unf_ext
    unf_ext (0.0.6)
    unicorn (4.8.3)
      kgio (~> 2.6)
      rack
      raindrops (~> 0.7)
    uuidtools (2.1.5)
    vegas (0.1.11)
      rack (>= 1.0.0)
    warden (1.2.3)
      rack (>= 1.0)
    web-console (2.0.0)
      activemodel (~> 4.0)
      binding_of_caller (>= 0.7.2)
      railties (~> 4.0)
      sprockets-rails (>= 2.0, < 4.0)
    websocket (1.2.2)
    will_paginate (3.0.7)
    xpath (2.0.0)
      nokogiri (~> 1.3)
    yajl-ruby (1.2.1)

PLATFORMS
  ruby

DEPENDENCIES
  action_mailer_cache_delivery (~> 0.3.7)
  active_link_to (~> 1.0.2)
  amoeba
  attr_encrypted (~> 1.3.3)
  autoprefixer-rails (~> 3.1.2)
  awesome_print (~> 1.2.0)
  best_in_place (~> 3.0.0)
  better_errors (~> 2.0.0)
  binding_of_caller (~> 0.7.2)
  bootbox-rails (~> 0.4)
  bootstrap-sass (~> 3.2.0.2)
  bootstrap3-datetimepicker-rails (~> 3.1.3)
  brakeman (~> 2.6.3)
  cancancan (~> 1.9.2)
  capybara (~> 2.4.1)
  capybara-firebug (~> 2.0.0)
  carrierwave (~> 0.10.0)
  carrierwave_direct (~> 0.0.15)
  cocoon (~> 1.2.6)
  coffee-rails (~> 4.0.0)
  creek
  cucumber-rails (~> 1.4.0)
  cucumber_factory (~> 1.10.0)
  database_cleaner (~> 1.3.0)
  devise (~> 3.4.0)
  devise_invitable (~> 1.3.6)
  disable_assets_logger (~> 1.0.0)
  docx (~> 0.2.07)
  docx_replace (~> 1.0.3)
  dossier (~> 2.12.2)
  dropbox-sdk (~> 1.6.4)
  factory_girl_rails (~> 4.4.1)
  faker (~> 1.4.3)
  ffi (~> 1.9.5)
  figaro (~> 1.0.0)
  fog (~> 1.24.0)
  font-awesome-rails (~> 4.2.0.0)
  font_assets
  fullcalendar-rails (~> 2.3.1.0)
  git-smart (~> 0.1.9)
  google-api-client (~> 0.7.1)
  hopscotch-rails (~> 0.1.2.1)
  htmltoword (~> 0.2.0)
  hub (~> 1.12.2)
  jbuilder (~> 2.0)
  jquery-datatables-rails (~> 3.3.0)
  jquery-datetimepicker-rails (~> 2.3.7.0)
  jquery-rails (~> 3.1.2)
  jquery-ui-rails (~> 5.0.0)
  jquery-validation-rails (~> 1.12.0)
  maskedinput-rails (~> 1.3.1.0)
  meta_request
  minitest (~> 5.4.0)
  momentjs-rails (>= 2.8.1)
  newrelic_rpm
  nylas (~> 1.0.0)
  omniauth-google-oauth2 (~> 0.2.6)
  pg (~> 0.17.1)
  pg_search (~> 0.7.8)
  pundit (~> 0.3.0)
  quiet_assets (~> 1.0.3)
  rack-mini-profiler
  rack-timeout
  rails (~> 4.2.0.rc2)
  rails_12factor (~> 0.0.3)
  rails_best_practices (~> 1.15.4)
  rails_layout (~> 1.0.23)
  redis
  resque (~> 1.24)
  resque-scheduler
  resque-web
  rest-client (~> 1.8.0)
  rmagick
  rspec-activemodel-mocks (~> 1.0.1)
  rspec-rails (~> 3.0.2)
  sass-rails!
  sdoc (~> 0.4.0)
  select2-rails (= 3.5.9.1)
  selenium-webdriver (~> 2.45.0)
  shoulda-matchers (~> 2.8.0)
  simple_form (~> 3.0.2)
  simplecov (~> 0.9.1)
  slick_rails (~> 1.3.15)
  soulmate
  spreadsheet
  spring (~> 1.1.3)
  sprockets-rails (~> 3.0.0.beta1)
  turbolinks (~> 2.4.0)
  uglifier (~> 2.5.3)
  unicorn (~> 4.8.3)
  web-console (~> 2.0.0.beta4)
  will_paginate (~> 3.0.7)

BUNDLED WITH
   1.10.6
